PATH
  remote: .
  specs:
    southy (2.0)
      activerecord
      async-websocket (= 0.8.0)
      json
      pg
      slack-ruby-client (>= 0.14)
      standalone_migrations
      tzinfo

GEM
  remote: http://rubygems.org/
  specs:
    actionpack (5.2.3)
      actionview (= 5.2.3)
      activesupport (= 5.2.3)
      rack (~> 2.0)
      rack-test (>= 0.6.3)
      rails-dom-testing (~> 2.0)
      rails-html-sanitizer (~> 1.0, >= 1.0.2)
    actionview (5.2.3)
      activesupport (= 5.2.3)
      builder (~> 3.1)
      erubi (~> 1.4)
      rails-dom-testing (~> 2.0)
      rails-html-sanitizer (~> 1.0, >= 1.0.3)
    activemodel (5.2.3)
      activesupport (= 5.2.3)
    activerecord (5.2.3)
      activemodel (= 5.2.3)
      activesupport (= 5.2.3)
      arel (>= 9.0)
    activesupport (5.2.3)
      concurrent-ruby (~> 1.0, >= 1.0.2)
      i18n (>= 0.7, < 2)
      minitest (~> 5.1)
      tzinfo (~> 1.1)
    addressable (2.6.0)
      public_suffix (>= 2.0.2, < 4.0)
    arel (9.0.0)
    async (1.17.1)
      console (~> 1.0)
      nio4r (~> 2.3)
      timers (~> 4.1)
    async-io (1.23.1)
      async (~> 1.14)
    async-websocket (0.8.0)
      async-io
      websocket-driver (~> 0.7.0)
    builder (3.2.3)
    concurrent-ruby (1.1.5)
    console (1.3.1)
    crass (1.0.4)
    erubi (1.8.0)
    factory_girl (4.9.0)
      activesupport (>= 3.0.0)
    faraday (0.15.4)
      multipart-post (>= 1.2, < 3)
    faraday_middleware (0.13.1)
      faraday (>= 0.7.4, < 1.0)
    gli (2.18.0)
    hashie (3.6.0)
    i18n (1.6.0)
      concurrent-ruby (~> 1.0)
    json (2.2.0)
    launchy (2.4.3)
      addressable (~> 2.3)
    loofah (2.2.3)
      crass (~> 1.0.2)
      nokogiri (>= 1.5.9)
    method_source (0.9.2)
    mini_portile2 (2.4.0)
    minitest (5.11.3)
    multipart-post (2.1.1)
    nio4r (2.3.1)
    nokogiri (1.10.3)
      mini_portile2 (~> 2.4.0)
    pg (1.1.4)
    public_suffix (3.1.0)
    rack (2.0.7)
    rack-test (1.1.0)
      rack (>= 1.0, < 3)
    rails-dom-testing (2.0.3)
      activesupport (>= 4.2.0)
      nokogiri (>= 1.6)
    rails-html-sanitizer (1.0.4)
      loofah (~> 2.2, >= 2.2.2)
    railties (5.2.3)
      actionpack (= 5.2.3)
      activesupport (= 5.2.3)
      method_source
      rake (>= 0.8.7)
      thor (>= 0.19.0, < 2.0)
    rake (12.3.2)
    slack-ruby-client (0.14.2)
      activesupport
      faraday (>= 0.9)
      faraday_middleware
      gli
      hashie
      websocket-driver
    standalone_migrations (5.2.7)
      activerecord (>= 4.2.7, < 5.3.0)
      railties (>= 4.2.7, < 5.3.0)
      rake (>= 10.0)
    thor (0.20.3)
    thread_safe (0.3.6)
    timecop (0.9.1)
    timers (4.3.0)
    tzinfo (1.2.5)
      thread_safe (~> 0.1)
    websocket-driver (0.7.0)
      websocket-extensions (>= 0.1.0)
    websocket-extensions (0.1.3)

PLATFORMS
  ruby

DEPENDENCIES
  factory_girl
  launchy
  minitest
  rake
  southy!
  timecop

BUNDLED WITH
   2.0.1
